GEM
  remote: http://rubygems.org/
  specs:
    json (1.7.7)
    mime-types (1.25)
    rest-client (1.6.7)
      mime-types (>= 1.16)
    rgeo (0.3.20)

PLATFORMS
  ruby

DEPENDENCIES
  json (~> 1.7.6)
  rest-client
  rgeo (= 0.3.20)
